PATH
  remote: .
  specs:
    clippy (1.0.0)

GEM
  remote: http://rubygems.org/
  specs:
    minitest (3.3.0)
    rake (0.9.2.2)

PLATFORMS
  ruby

DEPENDENCIES
  clippy!
  minitest
  rake
