PATH
  remote: .
  specs:
    clippy (1.4.0)

GEM
  remote: http://rubygems.org/
  specs:
    coderay (1.0.8)
    method_source (0.8.1)
    minitest (3.3.0)
    multi_json (1.3.6)
    pry (0.9.10)
      coderay (~> 1.0.5)
      method_source (~> 0.8)
      slop (~> 3.3.1)
    rake (0.9.2.2)
    simplecov (0.7.1)
      multi_json (~> 1.0)
      simplecov-html (~> 0.7.1)
    simplecov-html (0.7.1)
    slop (3.3.3)

PLATFORMS
  ruby

DEPENDENCIES
  clippy!
  minitest
  pry
  rake
  simplecov
